GEM
  remote: http://rubygems.org/
  specs:
    addressable (2.2.7)
    haml (3.1.4)
    interact (0.3)
    json_pure (1.5.4)
      spruz (~> 0.2.8)
    manifesto (0.7.0)
    mime-types (1.18)
    rack (1.4.1)
    rack-protection (1.2.0)
      rack
    rest-client (1.6.7)
      mime-types (>= 1.16)
    rubyzip2 (2.0.2)
    shotgun (0.9)
      rack (>= 1.0)
    sinatra (1.3.2)
      rack (~> 1.3, >= 1.3.6)
      rack-protection (~> 1.2)
      tilt (~> 1.3, >= 1.3.3)
    spruz (0.2.13)
    terminal-table (1.4.5)
    tilt (1.3.3)
    vmc (0.3.15)
      addressable (~> 2.2.6)
      interact (~> 0.3.0)
      json_pure (~> 1.5.1)
      rest-client (>= 1.6.1, < 1.7.0)
      rubyzip2 (~> 2.0.1)
      terminal-table (~> 1.4.2)

PLATFORMS
  ruby

DEPENDENCIES
  haml
  manifesto
  shotgun
  sinatra
  vmc
